GIT
  remote: git@github.com:Yeti-Media/em-proxy.git
  revision: 3cfa5ffeeec47650a30f0c41ac1c71f2a8342d07
  specs:
    em-proxy (0.1.8)
      eventmachine

GEM
  remote: https://rubygems.org/
  specs:
    eventmachine (1.0.3)
    hiredis (0.4.5)
    http_parser (0.1.3)
    msgpack (0.5.8)
    nido (0.0.1)
    ohm (2.0.0.rc2)
      msgpack
      nido
      redic
    redic (1.0.1)
      hiredis
    settingslogic (2.0.9)
    yajl-ruby (1.2.0)

PLATFORMS
  ruby

DEPENDENCIES
  em-proxy!
  http_parser
  ohm (= 2.0.0.rc2)
  redic
  settingslogic
  yajl-ruby
